PATH
  remote: .
  specs:
    api_matchers (0.6.2)
      activesupport (>= 3.2.5)
      nokogiri (~> 1.6.6.4)
      rspec (>= 3.1)

GEM
  remote: http://rubygems.org/
  specs:
    activesupport (4.2.2)
      i18n (~> 0.7)
      json (~> 1.7, >= 1.7.7)
      minitest (~> 5.1)
      thread_safe (~> 0.3, >= 0.3.4)
      tzinfo (~> 1.1)
    diff-lcs (1.2.5)
    i18n (0.7.0)
    json (1.8.3)
    mini_portile (0.6.2)
    minitest (5.7.0)
    nokogiri (1.6.6.4)
      mini_portile (~> 0.6.0)
    rspec (3.3.0)
      rspec-core (~> 3.3.0)
      rspec-expectations (~> 3.3.0)
      rspec-mocks (~> 3.3.0)
    rspec-core (3.3.0)
      rspec-support (~> 3.3.0)
    rspec-expectations (3.3.0)
      diff-lcs (>= 1.2.0, < 2.0)
      rspec-support (~> 3.3.0)
    rspec-mocks (3.3.0)
      diff-lcs (>= 1.2.0, < 2.0)
      rspec-support (~> 3.3.0)
    rspec-support (3.3.0)
    thread_safe (0.3.5)
    tzinfo (1.2.2)
      thread_safe (~> 0.1)

PLATFORMS
  ruby

DEPENDENCIES
  api_matchers!

BUNDLED WITH
   1.10.6
